PATH
  remote: .
  specs:
    ProMotion-push (0.1.0)
      ProMotion (~> 2.0.0.rc3)

GEM
  remote: https://rubygems.org/
  specs:
    ProMotion (2.0.0.rc3)
      methadone (~> 1.4)
    methadone (1.4.0)
      bundler
    motion-redgreen (0.1.0)
    motion-stump (0.3.2)
    rake (10.3.2)

PLATFORMS
  ruby

DEPENDENCIES
  ProMotion (~> 2.0.0.rc3)
  ProMotion-push!
  motion-redgreen (~> 0.1)
  motion-stump (~> 0.3)
  rake
