GIT
  remote: https://github.com/clearsightstudio/ProMotion.git
  revision: 40d1f0dfc5d5cb3a43b61b4d02d6c4c9376c1507
  branch: pm2
  specs:
    ProMotion (2.0.0)
      dbt (~> 1.1.4)
      methadone (~> 1.3)

PATH
  remote: .
  specs:
    ProMotion-push (0.1.0)
      ProMotion (~> 2.0.0)

GEM
  remote: https://rubygems.org/
  specs:
    dbt (1.1.4)
    methadone (1.4.0)
      bundler
    motion-redgreen (0.1.0)
    motion-stump (0.3.2)
    rake (10.3.1)

PLATFORMS
  ruby

DEPENDENCIES
  ProMotion!
  ProMotion-push!
  motion-redgreen (~> 0.1)
  motion-stump (~> 0.3)
  rake
